GIT
  remote: https://github.com/wereHamster/ruby-progressbar.git
  revision: a676b95
  specs:
    ruby-progressbar (0.0.9)

GEM
  remote: http://rubygems.org/
  specs:
    activesupport (3.0.3)
    configuration (1.2.0)
    diff-lcs (1.1.2)
    fusion_tables (0.2.2)
      gdata_19 (>= 1.1.2)
    gdata_19 (1.1.2)
    i18n (0.5.0)
    launchy (0.3.7)
      configuration (>= 0.0.5)
      rake (>= 0.8.1)
    nokogiri (1.4.4)
    rake (0.8.7)
    rspec (2.2.0)
      rspec-core (~> 2.2)
      rspec-expectations (~> 2.2)
      rspec-mocks (~> 2.2)
    rspec-core (2.2.1)
    rspec-expectations (2.2.0)
      diff-lcs (~> 1.1.2)
    rspec-mocks (2.2.0)

PLATFORMS
  ruby

DEPENDENCIES
  activesupport
  fusion_tables
  i18n
  launchy
  nokogiri
  rspec
  ruby-progressbar!
